GEM
  remote: https://rubygems.org/
  specs:
    haml (5.0.0)
      temple (>= 0.8.0)
      tilt
    rack (1.6.12)
    rack-protection (1.5.5)
      rack
    sinatra (1.4.7)
      rack (~> 1.5)
      rack-protection (~> 1.4)
      tilt (>= 1.3, < 3)
    sinatra-subdomain (0.2.0)
      sinatra
    temple (0.8.2)
    tilt (2.0.10)

PLATFORMS
  ruby

DEPENDENCIES
  haml (= 5.0.0)
  sinatra (= 1.4.7)
  sinatra-subdomain (= 0.2.0)

RUBY VERSION
   ruby 2.3.8p459

BUNDLED WITH
   1.17.1
