GEM
  remote: http://rubygems.org/
  specs:
    haml (3.1.1)
    json (1.7.3)
    rack (1.4.5)
    rack-protection (1.2.0)
      rack
    sinatra (1.3.2)
      rack (~> 1.3, >= 1.3.6)
      rack-protection (~> 1.2)
      tilt (~> 1.3, >= 1.3.3)
    sinatra-subdomain (0.1.2)
      sinatra
    tilt (1.3.3)

PLATFORMS
  ruby

DEPENDENCIES
  haml (= 3.1.1)
  json (= 1.7.3)
  rack (= 1.4.5)
  sinatra (= 1.3.2)
  sinatra-subdomain (= 0.1.2)
