GEM
  remote: http://rubygems.org/
  specs:
    haml (4.0.7)
      tilt
    rack (1.6.4)
    rack-protection (1.5.3)
      rack
    sinatra (1.4.7)
      rack (~> 1.5)
      rack-protection (~> 1.4)
      tilt (>= 1.3, < 3)
    sinatra-subdomain (0.2.0)
      sinatra
    tilt (2.0.5)

PLATFORMS
  ruby

DEPENDENCIES
  haml (= 4.0.7)
  sinatra (= 1.4.7)
  sinatra-subdomain (= 0.2.0)

RUBY VERSION
   ruby 2.3.8p459

BUNDLED WITH
   1.17.1
